GEM
  remote: https://rubygems.org/
  specs:
    base64 (0.3.0)
    cgi (0.5.0)
    erb (2.2.3)
      cgi
    mustermann (3.0.3)
      ruby2_keywords (~> 0.0.1)
    rack (2.2.17)
    rack-protection (3.2.0)
      base64 (>= 0.1.0)
      rack (~> 2.2, >= 2.2.4)
    ruby2_keywords (0.0.5)
    sinatra (3.2.0)
      mustermann (~> 3.0)
      rack (~> 2.2, >= 2.2.4)
      rack-protection (= 3.2.0)
      tilt (~> 2.0)
    tilt (2.6.0)
    webrick (1.9.1)

PLATFORMS
  ruby

DEPENDENCIES
  erb
  sinatra
  webrick

RUBY VERSION
   ruby 3.4.4p34

BUNDLED WITH
   2.6.9
